GEM
  remote: https://rubygems.org/
  specs:
    actionmailer (4.0.0.rc1)
      actionpack (= 4.0.0.rc1)
      mail (~> 2.5.3)
    actionpack (4.0.0.rc1)
      activesupport (= 4.0.0.rc1)
      builder (~> 3.1.0)
      erubis (~> 2.7.0)
      rack (~> 1.5.2)
      rack-test (~> 0.6.2)
    activemodel (4.0.0.rc1)
      activesupport (= 4.0.0.rc1)
      builder (~> 3.1.0)
    activerecord (4.0.0.rc1)
      activemodel (= 4.0.0.rc1)
      activerecord-deprecated_finders (~> 1.0.2)
      activesupport (= 4.0.0.rc1)
      arel (~> 4.0.0)
    activerecord-deprecated_finders (1.0.2)
    activesupport (4.0.0.rc1)
      i18n (~> 0.6, >= 0.6.4)
      minitest (~> 4.2)
      multi_json (~> 1.3)
      thread_safe (~> 0.1)
      tzinfo (~> 0.3.37)
    arel (4.0.0)
    atomic (1.1.8)
    builder (3.1.4)
    climate_control (0.0.3)
      activesupport (>= 3.0)
    cocaine (0.5.1)
      climate_control (>= 0.0.3, < 1.0)
    coffee-rails (4.0.0)
      coffee-script (>= 2.2.0)
      railties (>= 4.0.0.beta, < 5.0)
    coffee-script (2.2.0)
      coffee-script-source
      execjs
    coffee-script-source (1.6.2)
    delayed_job (4.0.0.beta1)
      activesupport (>= 3.0, < 4.1)
    delayed_job_active_record (4.0.0.beta2)
      activerecord (>= 3.0, < 4.1)
      delayed_job (~> 4.0.0.beta1)
    erubis (2.7.0)
    execjs (1.4.0)
      multi_json (~> 1.0)
    faraday (0.8.7)
      multipart-post (~> 1.1)
    hike (1.2.2)
    i18n (0.6.4)
    jquery-rails (2.2.1)
      railties (>= 3.0, < 5.0)
      thor (>= 0.14, < 2.0)
    json (1.7.7)
    later_dude (0.3.3)
    mail (2.5.3)
      i18n (>= 0.4.0)
      mime-types (~> 1.16)
      treetop (~> 1.4.8)
    mime-types (1.23)
    minitest (4.7.4)
    multi_json (1.7.3)
    multipart-post (1.2.0)
    nokogiri (1.5.9-x86-mingw32)
    paperclip (3.4.1)
      activemodel (>= 3.0.0)
      activerecord (>= 3.0.0)
      activesupport (>= 3.0.0)
      cocaine (~> 0.5.0)
      mime-types
    polyglot (0.3.3)
    rack (1.5.2)
    rack-test (0.6.2)
      rack (>= 1.0)
    rails (4.0.0.rc1)
      actionmailer (= 4.0.0.rc1)
      actionpack (= 4.0.0.rc1)
      activerecord (= 4.0.0.rc1)
      activesupport (= 4.0.0.rc1)
      bundler (>= 1.3.0, < 2.0)
      railties (= 4.0.0.rc1)
      sprockets-rails (~> 2.0.0.rc4)
    railties (4.0.0.rc1)
      actionpack (= 4.0.0.rc1)
      activesupport (= 4.0.0.rc1)
      rake (>= 0.8.7)
      thor (>= 0.18.1, < 2.0)
    rake (10.0.4)
    rdoc (3.12.2)
      json (~> 1.4)
    sdoc (0.3.20)
      json (>= 1.1.3)
      rdoc (~> 3.10)
    simple_oauth (0.2.0)
    sprockets (2.9.3)
      hike (~> 1.2)
      multi_json (~> 1.0)
      rack (~> 1.0)
      tilt (~> 1.1, != 1.3.0)
    sprockets-rails (2.0.0.rc4)
      actionpack (>= 3.0)
      activesupport (>= 3.0)
      sprockets (~> 2.8)
    sqlite3 (1.3.7-x86-mingw32)
    thor (0.18.1)
    thread_safe (0.1.0)
      atomic
    tilt (1.4.0)
    treetop (1.4.12)
      polyglot
      polyglot (>= 0.3.1)
    turbolinks (1.1.1)
      coffee-rails
    twitter (4.6.2)
      faraday (~> 0.8, < 0.10)
      multi_json (~> 1.0)
      simple_oauth (~> 0.2)
    tzinfo (0.3.37)
    uglifier (2.0.1)
      execjs (>= 0.3.0)
      multi_json (~> 1.0, >= 1.0.2)

PLATFORMS
  x86-mingw32

DEPENDENCIES
  delayed_job (= 4.0.0.beta1)
  delayed_job_active_record (= 4.0.0.beta2)
  jquery-rails
  later_dude
  nokogiri
  paperclip
  rails (= 4.0.0.rc1)
  sdoc
  sqlite3
  turbolinks
  twitter
  uglifier (>= 1.3.0)
